GIT
  remote: git://github.com/acdlite/compass.git
  revision: a7d46f7660f3640234dc400584807c267b830ee7
  branch: debug-vertical-alignment
  specs:
    compass (0.13.alpha.10.a7d46f7)
      chunky_png (~> 1.2)
      json
      listen (~> 1.1.0)
      sass (~> 3.3.0.rc.1)

GEM
  remote: https://rubygems.org/
  specs:
    breakpoint (2.0.7)
      compass (>= 0.12.1)
      sass (>= 3.2.0)
    chunky_png (1.2.9)
    ffi (1.9.3)
    json (1.8.1)
    kramdown (1.2.0)
    listen (1.1.6)
      rb-fsevent (>= 0.9.3)
      rb-inotify (>= 0.9)
      rb-kqueue (>= 0.2)
    rb-fsevent (0.9.3)
    rb-inotify (0.9.2)
      ffi (>= 0.5.0)
    rb-kqueue (0.2.0)
      ffi (>= 0.5.0)
    sass (3.3.0.rc.1)
      listen (~> 1.1.0)
    susy (2.0.0.alpha.4)
      compass (>= 0.12.2)
      sass (>= 3.2.0)

PLATFORMS
  ruby

DEPENDENCIES
  breakpoint (~> 2.0.7)
  compass!
  kramdown (~> 1.2.0)
  susy (~> 2.0.0.alpha.4)
